PATH
  remote: .
  specs:
    keysmith (0.2.0)

GEM
  remote: https://rubygems.org/
  specs:
    commander (4.1.6)
      highline (~> 1.6.11)
    highline (1.6.21)
    rake (10.3.1)

PLATFORMS
  ruby

DEPENDENCIES
  bundler (~> 1.5)
  commander
  keysmith!
  rake
